GEM
  remote: https://rubygems.org/
  specs:
    awesome_print (1.8.0)
    byebug (10.0.0)
    coderay (1.1.2)
    method_source (0.9.0)
    minitest (5.11.3)
    parslet (1.8.2)
    pry (0.11.3)
      coderay (~> 1.1.0)
      method_source (~> 0.9.0)
    pry-byebug (3.6.0)
      byebug (~> 10.0)
      pry (~> 0.10)
    pry-doc (0.13.1)
      pry (~> 0.11)
      yard (~> 0.9.11)
    rake (12.3.0)
    yard (0.9.12)

PLATFORMS
  ruby

DEPENDENCIES
  awesome_print
  bundler
  minitest
  parslet
  pry
  pry-byebug
  pry-doc
  rake

BUNDLED WITH
   1.16.1
